PATH
  remote: .
  specs:
    m2a (0.0.0)

GEM
  remote: http://rubygems.org/
  specs:

PLATFORMS
  ruby

DEPENDENCIES
  m2a!
